GEM
  remote: https://rubygems.org/
  specs:
    byebug (11.1.3)
    concurrent-ruby (1.1.7)
    diff-lcs (1.4.4)
    faker (2.15.1)
      i18n (>= 1.6, < 2)
    i18n (1.8.5)
      concurrent-ruby (~> 1.0)
    pg (1.2.3)
    rspec (3.1.0)
      rspec-core (~> 3.1.0)
      rspec-expectations (~> 3.1.0)
      rspec-mocks (~> 3.1.0)
    rspec-core (3.1.7)
      rspec-support (~> 3.1.0)
    rspec-expectations (3.1.2)
      diff-lcs (>= 1.2.0, < 2.0)
      rspec-support (~> 3.1.0)
    rspec-mocks (3.1.3)
      rspec-support (~> 3.1.0)
    rspec-support (3.1.2)

PLATFORMS
  ruby

DEPENDENCIES
  byebug
  faker
  pg
  rspec (~> 3.1.0)

BUNDLED WITH
   2.1.4
